GEM
  remote: https://rubygems.org/
  specs:
    ffi (1.9.14)
    listen (3.1.5)
      rb-fsevent (~> 0.9, >= 0.9.4)
      rb-inotify (~> 0.9, >= 0.9.7)
      ruby_dep (~> 1.2)
    mustermann (1.0.0.beta2)
    pg (0.18.4)
    rack (2.0.1)
    rack-protection (2.0.0.beta2)
      rack
    rb-fsevent (0.9.7)
    rb-inotify (0.9.7)
      ffi (>= 0.5.0)
    rerun (0.11.0)
      listen (~> 3.0)
    ruby_dep (1.4.0)
    sequel (4.37.0)
    sinatra (2.0.0.beta2)
      mustermann (= 1.0.0.beta2)
      rack (~> 2.0)
      rack-protection (= 2.0.0.beta2)
      tilt (~> 2.0)
    tilt (2.0.5)

PLATFORMS
  ruby

DEPENDENCIES
  pg
  rerun
  sequel
  sinatra (= 2.0.0.beta2)

RUBY VERSION
   ruby 2.3.1p112

BUNDLED WITH
   1.12.5
